GEM
  remote: http://rubygems.org/
  specs:
    RedCloth (4.2.7)
    activemodel (3.0.7)
      activesupport (= 3.0.7)
      builder (~> 2.1.2)
      i18n (~> 0.5.0)
    activerecord (3.0.7)
      activemodel (= 3.0.7)
      activesupport (= 3.0.7)
      arel (~> 2.0.2)
      tzinfo (~> 0.3.23)
    activesupport (3.0.7)
    arel (2.0.9)
    bcrypt-ruby (2.1.4)
    bliptv (0.1.1)
    builder (2.1.2)
    capybara (0.4.1.2)
      celerity (>= 0.7.9)
      culerity (>= 0.2.4)
      mime-types (>= 1.16)
      nokogiri (>= 1.3.3)
      rack (>= 1.0.0)
      rack-test (>= 0.5.4)
      selenium-webdriver (>= 0.0.27)
      xpath (~> 0.1.3)
    carrierwave (0.5.4)
      activesupport (~> 3.0)
    celerity (0.8.9)
    childprocess (0.1.8)
      ffi (~> 1.0.6)
    chunky_png (1.2.0)
    compass (0.11.1)
      chunky_png (~> 1.1)
      fssm (>= 0.2.7)
      sass (~> 3.1)
    cucumber (0.10.2)
      builder (>= 2.1.2)
      diff-lcs (>= 1.1.2)
      gherkin (>= 2.3.5)
      json (>= 1.4.6)
      term-ansicolor (>= 1.0.5)
    culerity (0.2.15)
    daemons (1.1.3)
    diff-lcs (1.1.2)
    eventmachine (0.12.10)
    ffi (1.0.7)
      rake (>= 0.8.7)
    fssm (0.2.7)
    gherkin (2.3.7)
      json (>= 1.4.6)
    grit (2.4.1)
      diff-lcs (~> 1.1)
      mime-types (~> 1.15)
    haml (3.1.1)
    http_router (0.7.6)
      rack (>= 1.0.0)
      url_mount (~> 0.2.1)
    i18n (0.5.0)
    json (1.5.1)
    json_pure (1.5.1)
    mail (2.3.0)
      i18n (>= 0.4.0)
      mime-types (~> 1.16)
      treetop (~> 1.4.8)
    mime-types (1.16)
    nokogiri (1.4.4)
    padrino (0.9.27)
      padrino-admin (= 0.9.27)
      padrino-cache (= 0.9.27)
      padrino-core (= 0.9.27)
      padrino-gen (= 0.9.27)
      padrino-helpers (= 0.9.27)
      padrino-mailer (= 0.9.27)
    padrino-admin (0.9.27)
      padrino-core (= 0.9.27)
      padrino-helpers (= 0.9.27)
    padrino-cache (0.9.27)
      padrino-core (= 0.9.27)
    padrino-core (0.9.27)
      activesupport (>= 3.0.0)
      http_router (~> 0.7.5)
      sinatra (~> 1.2.6)
      thor (>= 0.14.3)
      tilt (~> 1.3.0)
      tzinfo
    padrino-gen (0.9.27)
      bundler (>= 1.0.2)
      grit
      padrino-core (= 0.9.27)
    padrino-helpers (0.9.27)
      i18n (>= 0.4.1)
      padrino-core (= 0.9.27)
    padrino-mailer (0.9.27)
      mail (>= 2.2.0)
      padrino-core (= 0.9.27)
    polyglot (0.3.1)
    rack (1.2.2)
    rack-flash (0.1.1)
      rack
    rack-test (0.6.0)
      rack (>= 1.0)
    rake (0.8.7)
    rest-client (1.6.1)
      mime-types (>= 1.16)
    rspec (2.5.0)
      rspec-core (~> 2.5.0)
      rspec-expectations (~> 2.5.0)
      rspec-mocks (~> 2.5.0)
    rspec-core (2.5.2)
    rspec-expectations (2.5.0)
      diff-lcs (~> 1.1.2)
    rspec-mocks (2.5.0)
    rubyzip (0.9.4)
    sass (3.1.1)
    selenium-webdriver (0.2.0)
      childprocess (>= 0.1.7)
      ffi (>= 1.0.7)
      json_pure
      rubyzip
    sinatra (1.2.6)
      rack (~> 1.1)
      tilt (< 2.0, >= 1.2.2)
    sqlite3 (1.3.3)
    term-ansicolor (1.0.5)
    thin (1.2.11)
      daemons (>= 1.0.9)
      eventmachine (>= 0.12.6)
      rack (>= 1.0.0)
    thor (0.14.6)
    tilt (1.3)
    treetop (1.4.9)
      polyglot (>= 0.3.1)
    tzinfo (0.3.27)
    url_mount (0.2.1)
      rack
    xpath (0.1.4)
      nokogiri (~> 1.3)

PLATFORMS
  ruby

DEPENDENCIES
  RedCloth
  activerecord
  bcrypt-ruby
  bliptv
  capybara
  carrierwave
  compass
  cucumber
  haml
  mime-types
  padrino (= 0.9.27)
  rack-flash
  rack-test
  rake
  rest-client
  rspec
  sqlite3
  thin
